GEM
  remote: https://rubygems.org/
  specs:
    activesupport (4.2.6)
      i18n (~> 0.7)
      json (~> 1.7, >= 1.7.7)
      minitest (~> 5.1)
      thread_safe (~> 0.3, >= 0.3.4)
      tzinfo (~> 1.1)
    climate_control (0.0.3)
      activesupport (>= 3.0)
    cocaine (0.5.8)
      climate_control (>= 0.0.3, < 1.0)
    domain_name (0.5.24)
      unf (>= 0.0.5, < 1.0.0)
    eventmachine (1.0.9)
    ffi (1.9.13)
    http-cookie (1.0.2)
      domain_name (~> 0.5)
    i18n (0.7.0)
    json (1.8.3)
    mime-types (2.6.2)
    minitest (5.9.0)
    netrc (0.10.3)
    pi_piper (2.0.0)
      eventmachine (= 1.0.9)
      ffi
    rest-client (1.8.0)
      http-cookie (>= 1.0.2, < 2.0)
      mime-types (>= 1.16, < 3.0)
      netrc (~> 0.7)
    ruby-mpd (0.3.3)
    serialport (1.3.1)
    thread_safe (0.3.5)
    tzinfo (1.2.2)
      thread_safe (~> 0.1)
    unf (0.1.4)
      unf_ext
    unf_ext (0.0.7.1)
    youtube-dl.rb (0.3.1.2016.07.03)
      activesupport (>= 3.0.0, < 5.0)
      cocaine (>= 0.5.4)

PLATFORMS
  ruby

DEPENDENCIES
  pi_piper
  rest-client
  ruby-mpd
  serialport
  youtube-dl.rb

BUNDLED WITH
   1.12.5
